GEM
  remote: https://rubygems.org/
  specs:
    logger (1.2.8)
    nokogiri (1.5.5)

PLATFORMS
  ruby

DEPENDENCIES
  logger (~> 1.2.8)
  nokogiri
